PATH
  remote: .
  specs:
    pokemoves-cli (0.1.0)

GEM
  remote: https://rubygems.org/
  specs:
    rake (12.3.3)

PLATFORMS
  ruby

DEPENDENCIES
  bundler (~> 2.0)
  pokemoves-cli!
  rake (~> 12.3.3)

BUNDLED WITH
   2.0.1
