PATH
  remote: .
  specs:
    pokemoves-cli (1.0.8)
      httparty

GEM
  remote: https://rubygems.org/
  specs:
    httparty (0.21.0)
      mini_mime (>= 1.0.0)
      multi_xml (>= 0.5.2)
    mini_mime (1.1.2)
    multi_xml (0.6.0)
    rake (12.3.3)

PLATFORMS
  ruby

DEPENDENCIES
  bundler (~> 2.0)
  httparty
  pokemoves-cli!
  rake (~> 12.3.3)

BUNDLED WITH
   2.0.1
